GEM
  remote: http://rubygems.org/
  specs:
    activemodel (4.2.6)
      activesupport (= 4.2.6)
      builder (~> 3.1)
    activerecord (4.2.6)
      activemodel (= 4.2.6)
      activesupport (= 4.2.6)
      arel (~> 6.0)
    activerecord-jdbc-adapter (1.3.20)
      activerecord (>= 2.2)
    activerecord-jdbcmysql-adapter (1.3.20)
      activerecord-jdbc-adapter (~> 1.3.20)
      jdbc-mysql (>= 5.1.22)
    activesupport (4.2.6)
      i18n (~> 0.7)
      json (~> 1.7, >= 1.7.7)
      minitest (~> 5.1)
      thread_safe (~> 0.3, >= 0.3.4)
      tzinfo (~> 1.1)
    arel (6.0.3)
    backports (3.6.8)
    builder (3.2.2)
    config (1.1.0)
      activesupport (>= 3.0)
      deep_merge (~> 1.0.1)
    deep_merge (1.0.1)
    hashie (3.4.3)
    i18n (0.7.0)
    jdbc-mysql (5.1.38)
    json (1.8.3)
    json (1.8.3-java)
    little-plugger (1.1.4)
    logging (2.1.0)
      little-plugger (~> 1.1)
      multi_json (~> 1.10)
    minitest (5.8.4)
    multi_json (1.11.2)
    puma (3.10.0)
    puma (3.10.0-java)
    rack (1.6.8)
    rack-protection (1.5.3)
      rack
    rack-test (0.6.3)
      rack (>= 1.0)
    require_all (1.3.3)
    sinatra (1.4.8)
      rack (~> 1.5)
      rack-protection (~> 1.4)
      tilt (>= 1.3, < 3)
    sinatra-contrib (1.4.7)
      backports (>= 2.0)
      multi_json
      rack-protection
      rack-test
      sinatra (~> 1.4.0)
      tilt (>= 1.3, < 3)
    sinatra-cross_origin (0.3.2)
    thread_safe (0.3.5)
    thread_safe (0.3.5-java)
    tilt (2.0.7)
    tzinfo (1.2.2)
      thread_safe (~> 0.1)
    workers (0.6.0)

PLATFORMS
  java
  ruby

DEPENDENCIES
  activerecord
  activerecord-jdbc-adapter
  activerecord-jdbcmysql-adapter
  config
  hashie
  logging
  puma
  require_all
  sinatra
  sinatra-contrib
  sinatra-cross_origin
  workers

BUNDLED WITH
   1.15.1
